GEM
  remote: https://rubygems.org/
  specs:
    json (2.6.2)
    logger (1.5.1)
    mustermann (2.0.2)
      ruby2_keywords (~> 0.0.1)
    parallel (1.22.1)
    rack (2.2.4)
    rack-protection (2.2.2)
      rack
    ruby2_keywords (0.0.5)
    sinatra (2.2.2)
      mustermann (~> 2.0)
      rack (~> 2.2)
      rack-protection (= 2.2.2)
      tilt (~> 2.0)
    tilt (2.0.11)
    uri (0.11.0)

PLATFORMS
  ruby

DEPENDENCIES
  json
  logger
  parallel
  sinatra
  uri

BUNDLED WITH
   2.1.2
