GEM
  remote: https://rubygems.org/
  specs:
    base64 (0.2.0)
    json (2.7.2)
    logger (1.6.1)
    mustermann (3.0.0)
      ruby2_keywords (~> 0.0.1)
    nio4r (2.7.0)
    parallel (1.26.3)
    puma (6.4.2)
      nio4r (~> 2.0)
    rack (3.0.9.1)
    rack-protection (4.0.0)
      base64 (>= 0.1.0)
      rack (>= 3.0.0, < 4)
    rack-session (2.0.0)
      rack (>= 3.0.0)
    rackup (2.1.0)
      rack (>= 3)
      webrick (~> 1.8)
    ruby2_keywords (0.0.5)
    sinatra (4.0.0)
      mustermann (~> 3.0)
      rack (>= 3.0.0, < 4)
      rack-protection (= 4.0.0)
      rack-session (>= 2.0.0, < 3)
      tilt (~> 2.0)
    tilt (2.3.0)
    uri (0.13.1)
    webrick (1.8.1)

PLATFORMS
  ruby

DEPENDENCIES
  json
  logger
  parallel
  puma
  rackup (~> 2.1)
  sinatra
  uri

BUNDLED WITH
   2.4.19
