GEM
  remote: https://rubygems.org/
  specs:
    json (2.6.3)
    logger (1.5.3)
    mustermann (3.0.0)
      ruby2_keywords (~> 0.0.1)
    parallel (1.23.0)
    rack (2.2.8)
    rack-protection (3.1.0)
      rack (~> 2.2, >= 2.2.4)
    ruby2_keywords (0.0.5)
    sinatra (3.1.0)
      mustermann (~> 3.0)
      rack (~> 2.2, >= 2.2.4)
      rack-protection (= 3.1.0)
      tilt (~> 2.0)
    tilt (2.2.0)
    uri (0.13.0)

PLATFORMS
  ruby

DEPENDENCIES
  json
  logger
  parallel
  sinatra
  uri

BUNDLED WITH
   2.1.2
